GEM
  remote: https://rubygems.org/
  specs:
    amq-protocol (1.9.0)
    amqp (1.1.5)
      amq-protocol (>= 1.9.0)
      eventmachine
    awesome_print (1.2.0)
    eventmachine (1.0.3)
    json (1.8.1)
    macaddr (1.6.1)
      systemu (~> 2.5.0)
    systemu (2.5.2)
    uuid (2.3.7)
      macaddr (~> 1.0)

PLATFORMS
  ruby

DEPENDENCIES
  amqp
  awesome_print
  json
  uuid
